PATH
  remote: .
  specs:
    agent (0.11.0)

GEM
  remote: http://rubygems.org/
  specs:
    diff-lcs (1.2.5)
    rake (11.2.2)
    rspec (3.5.0)
      rspec-core (~> 3.5.0)
      rspec-expectations (~> 3.5.0)
      rspec-mocks (~> 3.5.0)
    rspec-core (3.5.3)
      rspec-support (~> 3.5.0)
    rspec-expectations (3.5.0)
      diff-lcs (>= 1.2.0, < 2.0)
      rspec-support (~> 3.5.0)
    rspec-mocks (3.5.0)
      diff-lcs (>= 1.2.0, < 2.0)
      rspec-support (~> 3.5.0)
    rspec-support (3.5.0)

PLATFORMS
  java
  ruby

DEPENDENCIES
  agent!
  rake
  rspec

BUNDLED WITH
   1.12.5
